GEM
  remote: https://rubygems.org/
  specs:
    google_maps_service (0.4.2)
      hurley (~> 0.1)
      multi_json (~> 1.11)
      retriable (~> 2.0)
    hurley (0.2)
    multi_json (1.12.2)
    retriable (2.1.0)

PLATFORMS
  ruby

DEPENDENCIES
  google_maps_service

RUBY VERSION
   ruby 2.3.0p0

BUNDLED WITH
   1.15.4
